PATH
  remote: .
  specs:
    heic_to_png (0.1.0)
      mini_magick (~> 4.12)

GEM
  remote: https://rubygems.org/
  specs:
    mini_magick (4.12.0)
    minitest (5.17.0)
    rake (13.0.6)

PLATFORMS
  x86_64-linux

DEPENDENCIES
  heic_to_png!
  mini_magick (~> 4.12)
  minitest (~> 5.0)
  rake (~> 13.0)

BUNDLED WITH
   2.4.3
